GIT
  remote: https://github.com/schrockwell/trmnl_preview.git
  revision: 18664e8db9577deba73ba59da6d2ad50e7e64c21
  ref: 18664e8db9577deba73ba59da6d2ad50e7e64c21
  specs:
    trmnl_preview (0.3.1)
      activesupport (~> 8.0)
      faye-websocket (~> 0.11.3)
      filewatcher (~> 2.1)
      liquid (~> 5.6)
      puma (~> 6.5)
      rackup (~> 2.2)
      sinatra (~> 4.1)
      toml-rb (~> 3.0)

GEM
  remote: https://rubygems.org/
  specs:
    activesupport (8.0.1)
      base64
      benchmark (>= 0.3)
      bigdecimal
      concurrent-ruby (~> 1.0, >= 1.3.1)
      connection_pool (>= 2.2.5)
      drb
      i18n (>= 1.6, < 2)
      logger (>= 1.4.2)
      minitest (>= 5.1)
      securerandom (>= 0.3)
      tzinfo (~> 2.0, >= 2.0.5)
      uri (>= 0.13.1)
    base64 (0.2.0)
    benchmark (0.4.0)
    bigdecimal (3.1.9)
    citrus (3.0.2)
    concurrent-ruby (1.3.4)
    connection_pool (2.4.1)
    drb (2.2.1)
    eventmachine (1.2.7)
    faye-websocket (0.11.3)
      eventmachine (>= 0.12.0)
      websocket-driver (>= 0.5.1)
    filewatcher (2.1.0)
      module_methods (~> 0.1.0)
    i18n (1.14.6)
      concurrent-ruby (~> 1.0)
    liquid (5.6.0)
      bigdecimal
      strscan
    logger (1.6.4)
    minitest (5.25.4)
    module_methods (0.1.0)
    mustermann (3.0.3)
      ruby2_keywords (~> 0.0.1)
    nio4r (2.7.4)
    ostruct (0.6.1)
    puma (6.5.0)
      nio4r (~> 2.0)
    racc (1.8.1)
    rack (3.1.8)
    rack-protection (4.1.1)
      base64 (>= 0.1.0)
      logger (>= 1.6.0)
      rack (>= 3.0.0, < 4)
    rack-session (2.1.0)
      base64 (>= 0.1.0)
      rack (>= 3.0.0)
    rackup (2.2.1)
      rack (>= 3)
    ruby2_keywords (0.0.5)
    securerandom (0.4.1)
    sinatra (4.1.1)
      logger (>= 1.6.0)
      mustermann (~> 3.0)
      rack (>= 3.0.0, < 4)
      rack-protection (= 4.1.1)
      rack-session (>= 2.0.0, < 3)
      tilt (~> 2.0)
    strscan (3.1.2)
    tilt (2.5.0)
    toml-rb (3.0.1)
      citrus (~> 3.0, > 3.0)
      racc (~> 1.7)
    tzinfo (2.0.6)
      concurrent-ruby (~> 1.0)
    uri (1.0.2)
    websocket-driver (0.7.7)
      base64
      websocket-extensions (>= 0.1.0)
    websocket-extensions (0.1.5)

PLATFORMS
  arm64-darwin-23
  ruby

DEPENDENCIES
  base64
  liquid (~> 5.5)
  ostruct
  trmnl_preview!

BUNDLED WITH
   2.5.16
