GEM
  remote: https://rubygems.org/
  specs:
    base64 (0.2.0)
    bigdecimal (3.1.9)
    liquid (5.6.0)
      bigdecimal
      strscan
    strscan (3.1.2)

PLATFORMS
  arm64-darwin-23
  ruby

DEPENDENCIES
  base64
  liquid (~> 5.5)

BUNDLED WITH
   2.5.16
